GEM
  remote: https://rubygems.org/
  specs:
    json (2.1.0)
    mustermann (1.0.0)
    mysql2 (0.4.6)
    rack (2.0.3)
    rack-protection (2.0.0)
      rack
    sinatra (2.0.0)
      mustermann (~> 1.0)
      rack (~> 2.0)
      rack-protection (= 2.0.0)
      tilt (~> 2.0)
    sinatra-subdomain (0.3.0)
      sinatra
    tilt (2.0.7)

PLATFORMS
  ruby

DEPENDENCIES
  json
  mysql2
  sinatra
  sinatra-subdomain

BUNDLED WITH
   1.15.1
