GEM
  remote: https://rubygems.org/
  specs:
    bson (4.2.2)
    foreman (0.84.0)
      thor (~> 0.19.1)
    json (2.1.0)
    mongo (2.4.2)
      bson (>= 4.2.1, < 5.0.0)
    mustermann (1.0.0)
    power_assert (1.0.2)
    puma (3.9.1)
    rack (2.0.3)
    rack-protection (2.0.0)
      rack
    rack-test (0.6.3)
      rack (>= 1.0)
    rake (12.0.0)
    sinatra (2.0.0)
      mustermann (~> 1.0)
      rack (~> 2.0)
      rack-protection (= 2.0.0)
      tilt (~> 2.0)
    sinatra-cross_origin (0.4.0)
    sinatra-subdomain (0.3.0)
      sinatra
    test-unit (3.2.5)
      power_assert
    thor (0.19.4)
    tilt (2.0.7)

PLATFORMS
  ruby

DEPENDENCIES
  foreman
  json
  mongo (~> 2.4)
  puma
  rack-test
  rake
  sinatra
  sinatra-cross_origin
  sinatra-subdomain
  test-unit

BUNDLED WITH
   1.15.2
