GEM
  remote: https://rubygems.org/
  specs:
    json (2.1.0)
    neatjson (0.8.3)
    rack (1.6.8)
    rack-protection (1.5.3)
      rack
    sequel (4.47.0)
    sinatra (1.4.8)
      rack (~> 1.5)
      rack-protection (~> 1.4)
      tilt (>= 1.3, < 3)
    sinatra-subdomain (0.3.0)
      sinatra
    tilt (2.0.7)

PLATFORMS
  ruby

DEPENDENCIES
  json
  neatjson
  sequel
  sinatra
  sinatra-subdomain

BUNDLED WITH
   1.15.1
