GEM
  remote: https://rubygems.org/
  specs:
    foreman (0.84.0)
      thor (~> 0.19.1)
    json (2.1.0)
    mustermann (1.0.0)
    mysql2 (0.4.6)
    passenger (5.1.5)
      rack
      rake (>= 0.8.1)
    power_assert (1.0.2)
    rack (2.0.3)
    rack-protection (2.0.0)
      rack
    rack-test (0.6.3)
      rack (>= 1.0)
    rake (12.0.0)
    sinatra (2.0.0)
      mustermann (~> 1.0)
      rack (~> 2.0)
      rack-protection (= 2.0.0)
      tilt (~> 2.0)
    sinatra-subdomain (0.3.0)
      sinatra
    test-unit (3.2.5)
      power_assert
    thor (0.19.4)
    tilt (2.0.7)

PLATFORMS
  ruby

DEPENDENCIES
  foreman
  json
  mysql2
  passenger
  rack-test
  rake
  sinatra
  sinatra-subdomain
  test-unit

BUNDLED WITH
   1.15.1
