GEM
  remote: https://rubygems.org/
  specs:
    bson (4.2.1)
    json (2.1.0)
    mongo (2.4.2)
      bson (>= 4.2.1, < 5.0.0)
    neatjson (0.8.3)
    rack (1.6.8)
    rack-protection (1.5.3)
      rack
    sinatra (1.4.8)
      rack (~> 1.5)
      rack-protection (~> 1.4)
      tilt (>= 1.3, < 3)
    sinatra-subdomain (0.3.0)
      sinatra
    tilt (2.0.7)

PLATFORMS
  ruby

DEPENDENCIES
  json
  mongo
  neatjson
  sinatra
  sinatra-subdomain

BUNDLED WITH
   1.15.1
